GEM
  remote: https://rubygems.org/
  specs:
    curb (1.0.5)
    rake (13.2.1)

PLATFORMS
  arm64-darwin-22
  ruby

DEPENDENCIES
  curb
  rake

BUNDLED WITH
   2.5.7
