GEM
  remote: https://rubygems.org/
  specs:
    rake (13.2.1)
    ruby-progressbar (1.13.0)

PLATFORMS
  arm64-darwin-22
  ruby

DEPENDENCIES
  rake
  ruby-progressbar

BUNDLED WITH
   2.5.7
